GEM
  remote: http://rubygems.org/
  specs:
    actionmailer (2.3.10)
      actionpack (= 2.3.10)
    actionpack (2.3.10)
      activesupport (= 2.3.10)
      rack (~> 1.1.0)
    activerecord (2.3.10)
      activesupport (= 2.3.10)
    activeresource (2.3.10)
      activesupport (= 2.3.10)
    activesupport (2.3.10)
    gravatar_image_tag (1.0.0.pre2)
    rack (1.1.6)
    rails (2.3.10)
      actionmailer (= 2.3.10)
      actionpack (= 2.3.10)
      activerecord (= 2.3.10)
      activeresource (= 2.3.10)
      activesupport (= 2.3.10)
      rake (>= 0.8.3)
    rake (10.2.2)
    sqlite3-ruby (1.3.2-x86-mingw32)

PLATFORMS
  x86-mingw32

DEPENDENCIES
  gravatar_image_tag (= 1.0.0.pre2)
  rails (= 2.3.10)
  sqlite3-ruby (= 1.3.2)
